GEM
  remote: http://rubygems.org/
  specs:
    actionmailer (2.3.17)
      actionpack (= 2.3.17)
    actionpack (2.3.17)
      activesupport (= 2.3.17)
      rack (~> 1.1.0)
    activesupport (2.3.17)
    git (1.2.5)
    jeweler (1.8.4)
      bundler (~> 1.0)
      git (>= 1.2.5)
      rake
      rdoc
    json (1.7.7)
    multi_json (1.6.1)
    rack (1.1.6)
    rake (10.0.3)
    rdoc (4.0.0)
      json (~> 1.4)
    shoulda (3.0.1)
      shoulda-context (~> 1.0.0)
      shoulda-matchers (~> 1.0.0)
    shoulda-context (1.0.2)
    shoulda-matchers (1.0.0)
    simplecov (0.7.1)
      multi_json (~> 1.0)
      simplecov-html (~> 0.7.1)
    simplecov-html (0.7.1)

PLATFORMS
  ruby

DEPENDENCIES
  actionmailer (~> 2.0)
  bundler
  jeweler
  rake
  shoulda
  simplecov
