GEM
  remote: http://rubygems.org/
  specs:
    actionmailer (2.3.11)
      actionpack (= 2.3.11)
    actionpack (2.3.11)
      activesupport (= 2.3.11)
      rack (~> 1.1.0)
    activesupport (2.3.11)
    git (1.2.5)
    jeweler (1.5.2)
      bundler (~> 1.0.0)
      git (>= 1.2.5)
      rake
    rack (1.1.0)
    rake (0.8.7)
    rcov (0.9.9)
    shoulda (2.11.3)
    shoulda-matchers (1.0.0.beta1)

PLATFORMS
  ruby

DEPENDENCIES
  actionmailer (~> 2.0)
  bundler (~> 1.0.0)
  jeweler (~> 1.5.2)
  rcov
  shoulda
  shoulda-matchers
